GEM
  remote: https://rubygems.org/
  specs:
    aws-sdk (2.0.34)
      aws-sdk-resources (= 2.0.34)
    aws-sdk-core (2.0.34)
      builder (~> 3.0)
      jmespath (~> 1.0)
      multi_json (~> 1.0)
    aws-sdk-resources (2.0.34)
      aws-sdk-core (= 2.0.34)
    builder (3.2.2)
    gems (0.8.3)
    jmespath (1.0.2)
      multi_json (~> 1.0)
    json (1.8.2)
    multi_json (1.11.0)
    rack (1.6.0)
    rack-protection (1.5.3)
      rack
    sinatra (1.4.6)
      rack (~> 1.4)
      rack-protection (~> 1.4)
      tilt (>= 1.3, < 3)
    tilt (2.0.1)

PLATFORMS
  ruby

DEPENDENCIES
  aws-sdk (~> 2)
  gems
  json
  sinatra
